GIT
  remote: git://github.com/cloudfoundry/admin-cf-plugin.git
  revision: b67a277dafec1e33a3d16447cba21f59e7705088
  specs:
    admin-cf-plugin (0.2.0)
      cfoundry (>= 0.7.0.rc3, < 0.8)

GIT
  remote: git://github.com/cloudfoundry/cfoundry.git
  revision: 9979e477346b1236b4eb72982e78287fa9735ca5
  submodules: true
  specs:
    cfoundry (0.7.0.rc3)
      cf-uaa-lib (~> 1.3.10)
      multi_json (~> 1.3)
      multipart-post (~> 1.1)
      rubyzip (~> 0.9)

GIT
  remote: git://github.com/cloudfoundry/manifests-cf-plugin.git
  revision: 98f75d595412ecf466c2fd45babd09ae269d11a3
  specs:
    manifests-cf-plugin (0.7.1.rc1)
      cfoundry (>= 0.7.0.rc3, < 0.8)

GIT
  remote: git://github.com/cloudfoundry/micro-cf-plugin.git
  revision: 766820c8a1fdbfb631e57aa3b2fe65e88503fcca
  specs:
    micro-cf-plugin (0.1.0)

GIT
  remote: git://github.com/pivotal/blue-shell.git
  revision: fb8e1ad9519c0f2322e3cec2d8776e760f1f66f8
  specs:
    blue-shell (0.0.3)
      rspec

GIT
  remote: git://github.com/vito/interact.git
  revision: 956058c9c1c03f9b606fb7f45e598edfdfa0a20e
  specs:
    interact (0.5.2)

GIT
  remote: git://github.com/vito/mothership.git
  revision: 7a5a58d19bf82780a32b3ce006a95313ed732256
  specs:
    mothership (0.5.1)

PATH
  remote: .
  specs:
    cf (0.6.1.rc9)
      addressable (~> 2.2)
      caldecott-client (~> 0.0.2)
      cfoundry (>= 0.7.0.rc3, < 0.8)
      interact (~> 0.5)
      json_pure (~> 1.6)
      manifests-cf-plugin (~> 0.7.0)
      mothership (>= 0.5.1, < 1.0)
      multi_json (~> 1.3)
      rest-client (~> 1.6)
      uuidtools (~> 2.1)

GEM
  remote: http://rubygems.org/
  specs:
    addressable (2.3.4)
    auto_tagger (0.2.9)
      capistrano (>= 2.5.3)
    caldecott-client (0.0.2)
      multi_json (~> 1.3)
    capistrano (2.14.2)
      highline
      net-scp (>= 1.0.0)
      net-sftp (>= 2.0.0)
      net-ssh (>= 2.0.14)
      net-ssh-gateway (>= 1.1.0)
    cf-uaa-lib (1.3.10)
      multi_json
    crack (0.3.2)
    diff-lcs (1.2.3)
    fakefs (0.4.2)
    ffaker (1.15.0)
    gem-release (0.5.4)
    gerrit-cli (0.0.1)
    highline (1.6.18)
    json_pure (1.7.7)
    mime-types (1.22)
    multi_json (1.7.2)
    multipart-post (1.2.0)
    net-scp (1.1.0)
      net-ssh (>= 2.6.5)
    net-sftp (2.1.1)
      net-ssh (>= 2.6.5)
    net-ssh (2.6.7)
    net-ssh-gateway (1.2.0)
      net-ssh (>= 2.6.5)
    parallel (0.6.4)
    parallel_tests (0.11.0)
      parallel
    rake (10.0.4)
    rest-client (1.6.7)
      mime-types (>= 1.16)
    rr (1.0.5)
    rspec (2.13.0)
      rspec-core (~> 2.13.0)
      rspec-expectations (~> 2.13.0)
      rspec-mocks (~> 2.13.0)
    rspec-core (2.13.1)
    rspec-expectations (2.13.0)
      diff-lcs (>= 1.1.3, < 2.0)
    rspec-mocks (2.13.1)
    rubyzip (0.9.9)
    uuidtools (2.1.3)
    webmock (1.11.0)
      addressable (>= 2.2.7)
      crack (>= 0.3.2)

PLATFORMS
  ruby

DEPENDENCIES
  admin-cf-plugin!
  auto_tagger
  blue-shell (>= 0.0.3)!
  cf!
  cfoundry!
  fakefs
  ffaker
  gem-release
  gerrit-cli
  interact!
  json_pure (~> 1.6)
  manifests-cf-plugin!
  micro-cf-plugin!
  mothership!
  multi_json (~> 1.3)
  parallel_tests
  rake
  rr (~> 1.0)
  rspec (~> 2.11)
  webmock (~> 1.9)
