GIT
  remote: git://github.com/cloudfoundry/cfoundry.git
  revision: 07410ffcaeebad759ad68d756a23b93d23eb7ebd
  submodules: true
  specs:
    cfoundry (0.7.0.rc5)
      cf-uaa-lib (~> 1.3.10)
      multi_json (~> 1.3)
      multipart-post (~> 1.1)
      rubyzip (~> 0.9)

GIT
  remote: git://github.com/vito/interact.git
  revision: 956058c9c1c03f9b606fb7f45e598edfdfa0a20e
  specs:
    interact (0.5.2)

GIT
  remote: git://github.com/vito/mothership.git
  revision: 7a5a58d19bf82780a32b3ce006a95313ed732256
  specs:
    mothership (0.5.1)

PATH
  remote: .
  specs:
    cf (0.6.1.rc13)
      addressable (~> 2.2)
      caldecott-client (~> 0.0.2)
      cfoundry (>= 0.7.0.rc5, < 0.8)
      interact (~> 0.5)
      json_pure (~> 1.6)
      mothership (>= 0.5.1, < 1.0)
      multi_json (~> 1.3)
      rest-client (~> 1.6)
      uuidtools (~> 2.1)

GEM
  remote: http://rubygems.org/
  specs:
    addressable (2.3.4)
    blue-shell (0.0.3)
      rspec
    caldecott-client (0.0.2)
      multi_json (~> 1.3)
    cf-uaa-lib (1.3.10)
      multi_json
    crack (0.3.2)
    diff-lcs (1.2.3)
    fakefs (0.4.2)
    ffaker (1.15.0)
    json_pure (1.7.7)
    mime-types (1.22)
    multi_json (1.7.2)
    multipart-post (1.2.0)
    rake (0.9.6)
    rest-client (1.6.7)
      mime-types (>= 1.16)
    rr (1.0.5)
    rspec (2.13.0)
      rspec-core (~> 2.13.0)
      rspec-expectations (~> 2.13.0)
      rspec-mocks (~> 2.13.0)
    rspec-core (2.13.1)
    rspec-expectations (2.13.0)
      diff-lcs (>= 1.1.3, < 2.0)
    rspec-instafail (0.2.4)
    rspec-mocks (2.13.1)
    rubyzip (0.9.9)
    uuidtools (2.1.3)
    webmock (1.11.0)
      addressable (>= 2.2.7)
      crack (>= 0.3.2)

PLATFORMS
  ruby

DEPENDENCIES
  blue-shell (= 0.0.3)
  cf!
  cfoundry!
  fakefs (~> 0.4.2)
  ffaker (~> 1.15)
  interact!
  mothership!
  rake (~> 0.9)
  rr (~> 1.0)
  rspec (~> 2.11)
  rspec-instafail (~> 0.2.4)
  webmock (~> 1.9)
