GIT
  remote: git://github.com/cloudfoundry/admin-cf-plugin.git
  revision: b911e17af3f77d20f1b267bf5b051c490e052f0a
  specs:
    admin-cf-plugin (0.2.0.rc2)
      cfoundry (>= 0.5.3.rc6, < 0.6)

GIT
  remote: git://github.com/cloudfoundry/cfoundry.git
  revision: efcbc10041ee1e0bb0b4e41261e71f7a9fddd272
  submodules: true
  specs:
    cfoundry (0.6.0.rc5)
      cf-uaa-lib (~> 1.3.10)
      multi_json (~> 1.3)
      multipart-post (~> 1.1)
      rubyzip (~> 0.9)

GIT
  remote: git://github.com/cloudfoundry/console-cf-plugin.git
  revision: fcfd4eb362d5a041d5f101c24bfef84ec679fa22
  specs:
    console-cf-plugin (0.2.0.rc3)
      tunnel-cf-plugin (>= 0.3.0.rc2, < 0.4)

GIT
  remote: git://github.com/cloudfoundry/manifests-cf-plugin.git
  revision: 05f2ef1db7f1a148c721e0717b2205644e17afad
  specs:
    manifests-cf-plugin (0.7.0.rc2)
      cfoundry (>= 0.5.3.rc6, < 0.6)

GIT
  remote: git://github.com/cloudfoundry/micro-cf-plugin.git
  revision: 6e80930e9b8fe67d21245e2ba9d92cec1f6213bb
  specs:
    micro-cf-plugin (0.1.0.rc2)

GIT
  remote: git://github.com/cloudfoundry/tunnel-cf-plugin.git
  revision: 8f548007cede3662a4921976dc51de4e421e3a80
  specs:
    tunnel-cf-plugin (0.3.0.rc2)
      addressable (~> 2.2)
      caldecott-client (~> 0.0.2)
      cfoundry (>= 0.5.3.rc6, < 0.6)
      rest-client (~> 1.6)
      uuidtools (~> 2.1)

GIT
  remote: git://github.com/vito/interact.git
  revision: 956058c9c1c03f9b606fb7f45e598edfdfa0a20e
  specs:
    interact (0.5.2)

GIT
  remote: git://github.com/vito/mothership.git
  revision: 7a5a58d19bf82780a32b3ce006a95313ed732256
  specs:
    mothership (0.5.1)

GEM
  remote: http://rubygems.org/
  specs:
    addressable (2.3.3)
    caldecott-client (0.0.2)
      multi_json (~> 1.3)
    cf-uaa-lib (1.3.10)
      multi_json
    crack (0.3.2)
    diff-lcs (1.1.3)
    fakefs (0.4.2)
    ffaker (1.15.0)
    gem-release (0.4.1)
    json_pure (1.7.7)
    mime-types (1.21)
    multi_json (1.7.2)
    multipart-post (1.2.0)
    parallel (0.6.2)
    parallel_tests (0.10.0)
      parallel
    rake (10.0.3)
    rest-client (1.6.7)
      mime-types (>= 1.16)
    rr (1.0.4)
    rspec (2.12.0)
      rspec-core (~> 2.12.0)
      rspec-expectations (~> 2.12.0)
      rspec-mocks (~> 2.12.0)
    rspec-core (2.12.2)
    rspec-expectations (2.12.1)
      diff-lcs (~> 1.1.3)
    rspec-mocks (2.12.2)
    rubyzip (0.9.9)
    uuidtools (2.1.3)
    webmock (1.9.3)
      addressable (>= 2.2.7)
      crack (>= 0.3.2)

PLATFORMS
  ruby

DEPENDENCIES
  admin-cf-plugin!
  cfoundry!
  console-cf-plugin!
  fakefs
  ffaker
  gem-release
  interact!
  json_pure (~> 1.6)
  manifests-cf-plugin!
  micro-cf-plugin!
  mothership!
  multi_json (~> 1.3)
  parallel_tests
  rake
  rr (~> 1.0)
  rspec (~> 2.11)
  tunnel-cf-plugin!
  webmock (~> 1.9)
