GIT
  remote: git://github.com/cloudfoundry/admin-cf-plugin.git
  revision: 9925b92da7ec8782ce8974f7f3e8761092398c53
  specs:
    admin-cf-plugin (0.2.0)
      cfoundry (~> 0.6.0)

GIT
  remote: git://github.com/cloudfoundry/cfoundry.git
  revision: 05084d64e2b27838ab0b2e160f7d8eb991830116
  submodules: true
  specs:
    cfoundry (0.6.1.rc1)
      cf-uaa-lib (~> 1.3.10)
      multi_json (~> 1.3)
      multipart-post (~> 1.1)
      rubyzip (~> 0.9)

GIT
  remote: git://github.com/cloudfoundry/console-cf-plugin.git
  revision: a165f4cade721edd637df97d64488560c5913933
  specs:
    console-cf-plugin (0.2.0)
      tunnel-cf-plugin (~> 0.3.0)

GIT
  remote: git://github.com/cloudfoundry/manifests-cf-plugin.git
  revision: f5f35b0bc0606b5d33a3b419a7e52628e45111d9
  specs:
    manifests-cf-plugin (0.7.0)
      cfoundry (~> 0.6.0)

GIT
  remote: git://github.com/cloudfoundry/micro-cf-plugin.git
  revision: 766820c8a1fdbfb631e57aa3b2fe65e88503fcca
  specs:
    micro-cf-plugin (0.1.0)

GIT
  remote: git://github.com/cloudfoundry/tunnel-cf-plugin.git
  revision: 0bf7e1c2b1dff7ec506a93af274b1ad9cf44d968
  specs:
    tunnel-cf-plugin (0.3.0)
      addressable (~> 2.2)
      caldecott-client (~> 0.0.2)
      cfoundry (~> 0.6.0)
      rest-client (~> 1.6)
      uuidtools (~> 2.1)

GIT
  remote: git://github.com/vito/interact.git
  revision: 956058c9c1c03f9b606fb7f45e598edfdfa0a20e
  specs:
    interact (0.5.2)

GIT
  remote: git://github.com/vito/mothership.git
  revision: 7a5a58d19bf82780a32b3ce006a95313ed732256
  specs:
    mothership (0.5.1)

GEM
  remote: http://rubygems.org/
  specs:
    addressable (2.3.3)
    caldecott-client (0.0.2)
      multi_json (~> 1.3)
    cf-uaa-lib (1.3.10)
      multi_json
    crack (0.3.2)
    diff-lcs (1.2.1)
    fakefs (0.4.2)
    ffaker (1.15.0)
    gem-release (0.5.3)
    json_pure (1.7.7)
    mime-types (1.21)
    multi_json (1.7.2)
    multipart-post (1.2.0)
    parallel (0.6.3)
    parallel_tests (0.10.4)
      parallel
    rake (10.0.4)
    rest-client (1.6.7)
      mime-types (>= 1.16)
    rr (1.0.4)
    rspec (2.13.0)
      rspec-core (~> 2.13.0)
      rspec-expectations (~> 2.13.0)
      rspec-mocks (~> 2.13.0)
    rspec-core (2.13.1)
    rspec-expectations (2.13.0)
      diff-lcs (>= 1.1.3, < 2.0)
    rspec-mocks (2.13.0)
    rubyzip (0.9.9)
    uuidtools (2.1.3)
    webmock (1.11.0)
      addressable (>= 2.2.7)
      crack (>= 0.3.2)

PLATFORMS
  ruby

DEPENDENCIES
  admin-cf-plugin!
  cfoundry!
  console-cf-plugin!
  fakefs
  ffaker
  gem-release
  interact!
  json_pure (~> 1.6)
  manifests-cf-plugin!
  micro-cf-plugin!
  mothership!
  multi_json (~> 1.3)
  parallel_tests
  rake
  rr (~> 1.0)
  rspec (~> 2.11)
  tunnel-cf-plugin!
  webmock (~> 1.9)
